GEM
  remote: https://rubygems.org/
  specs:
    mysql2 (0.5.4)

PLATFORMS
  x86_64-linux

DEPENDENCIES
  mysql2

BUNDLED WITH
   2.3.13
